GEM
  remote: https://rubygems.org/
  specs:
    docile (1.3.2)
    json (2.3.1)
    minitest (5.11.3)
    simplecov (0.17.0)
      docile (~> 1.1)
      json (>= 1.8, < 3)
      simplecov-html (~> 0.10.0)
    simplecov-html (0.10.2)

PLATFORMS
  ruby

DEPENDENCIES
  minitest (~> 5.11, >= 5.11.3)
  simplecov

BUNDLED WITH
   2.0.2
